GEM
  remote: https://rubygems.org/
  specs:
    rack (0.9.1)
    rulers (0.1.0)
      rack (~> 0)

PLATFORMS
  ruby

DEPENDENCIES
  rulers

BUNDLED WITH
   1.10.6
