PATH
  remote: ../rulers/
  specs:
    rulers (0.1.2)
      rack (~> 1.6)

GEM
  remote: https://rubygems.org/
  specs:
    rack (1.6.5)

PLATFORMS
  ruby

DEPENDENCIES
  rulers!

BUNDLED WITH
   1.10.6
